{
    "AcquisitionMatrixPE": 104,
    "AcquisitionNumber": 1,
    "AcquisitionTime": "07:59:39.552500",
    "BandwidthPerPixelPhaseEncode": 16.578,
    "BaseResolution": 104,
    "BodyPartExamined": "BRAIN",
    "CoilString": "HC1-7;NC1_2",
    "ConsistencyInfo": "N4_VE11C_LATEST_20160120",
    "ConversionSoftware": "dcm2niix",
    "ConversionSoftwareVersion": "v1.0.20190410  (JP2:OpenJPEG) GCC6.3.0",
    "DerivedVendorReportedEchoSpacing": 0.000580009,
    "DeviceSerialNumber": "167046",
    "DwellTime": 2.1e-06,
    "EchoTime": 0.066,
    "EchoTrainLength": 91,
    "EffectiveEchoSpacing": 0.000580009,
    "FlipAngle": 90,
    "ImageOrientationPatientDICOM": [
        1,
        0,
        0,
        0,
        0.999194,
        0.0401318
    ],
    "ImageType": [
        "ORIGINAL",
        "PRIMARY",
        "M",
        "ND",
        "MOSAIC"
    ],
    "ImagingFrequency": 123.157,
    "InPlanePhaseEncodingDirectionDICOM": "COL",
    "InstitutionAddress": "deleted_by_bidsonym",
    "InstitutionName": "deleted_by_bidsonym",
    "InstitutionalDepartmentName": "deleted_by_bidsonym",
    "MRAcquisitionType": "2D",
    "MagneticFieldStrength": 3,
    "Manufacturer": "Siemens",
    "ManufacturersModelName": "Prisma_fit",
    "Modality": "MR",
    "PartialFourier": 0.875,
    "PatientPosition": "HFS",
    "PercentPhaseFOV": 100,
    "PhaseEncodingDirection": "j",
    "PhaseEncodingSteps": 91,
    "PhaseResolution": 1,
    "PixelBandwidth": 2290,
    "ProcedureStepDescription": "deleted_by_bidsonym",
    "ProtocolName": "fmap_acq-SE_dir-PA_ses-01",
    "PulseSequenceDetails": "%CustomerSeq%_cmrr_mbep2d_se",
    "ReceiveCoilActiveElements": "HC1-7;NC1,2",
    "ReceiveCoilName": "HeadNeck_64",
    "ReconMatrixPE": 104,
    "RepetitionTime": 8,
    "SAR": 0.154788,
    "ScanOptions": "PFP_FS",
    "ScanningSequence": "EP",
    "SequenceName": "epse2d1_104",
    "SequenceVariant": "SK",
    "SeriesDescription": "fmap_acq-SE_dir-PA_ses-01",
    "SeriesNumber": 7,
    "ShimSetting": [
        1067,
        -2509,
        4670,
        239,
        27,
        -160,
        44,
        2
    ],
    "SliceThickness": 2,
    "SliceTiming": [
        3.99,
        0,
        4.1,
        0.11,
        4.2125,
        0.2225,
        4.3225,
        0.3325,
        4.4325,
        0.4425,
        4.545,
        0.555,
        4.655,
        0.665,
        4.765,
        0.775,
        4.8775,
        0.8875,
        4.9875,
        0.9975,
        5.0975,
        1.1075,
        5.21,
        1.22,
        5.32,
        1.33,
        5.43,
        1.44,
        5.5425,
        1.5525,
        5.6525,
        1.6625,
        5.7625,
        1.7725,
        5.875,
        1.885,
        5.985,
        1.995,
        6.095,
        2.105,
        6.2075,
        2.2175,
        6.3175,
        2.3275,
        6.4275,
        2.4375,
        6.54,
        2.55,
        6.65,
        2.66,
        6.76,
        2.77,
        6.8725,
        2.8825,
        6.9825,
        2.9925,
        7.0925,
        3.1025,
        7.205,
        3.215,
        7.315,
        3.325,
        7.425,
        3.435,
        7.5375,
        3.5475,
        7.6475,
        3.6575,
        7.7575,
        3.7675,
        7.87,
        3.88
    ],
    "SoftwareVersions": "syngo_MR_E11",
    "SpacingBetweenSlices": 2,
    "StationName": "AWP167046",
    "TotalReadoutTime": 0.0597409,
    "TxRefAmp": 258.133,
    "VendorReportedEchoSpacing": 0.00058,
    "WipMemBlock": "93988a75-c917-44f8-aef0-cfb5205e0f5c||Sequence: R016 ve11c/master r/e634e98; Dec 19 2017 11:22:56 by eja",
    "dcmmeta_affine": [
        [
            -2.019230842590332,
            0,
            0,
            105.00000762939453
        ],
        [
            0,
            2.017604112625122,
            0.08026358485221863,
            -84.56072998046875
        ],
        [
            0,
            -0.08103535324335098,
            1.9983887672424316,
            -52.28215026855469
        ],
        [
            0,
            0,
            0,
            1
        ]
    ],
    "dcmmeta_reorient_transform": [
        [
            0,
            -1,
            0,
            103
        ],
        [
            1,
            0,
            0,
            0
        ],
        [
            0,
            0,
            1,
            0
        ],
        [
            0,
            0,
            0,
            1
        ]
    ],
    "dcmmeta_shape": [
        104,
        104,
        72,
        3
    ],
    "dcmmeta_slice_dim": 2,
    "dcmmeta_version": 0.6,
    "global": {
        "const": {
            "AcquisitionMatrix": [
                104,
                0,
                0,
                104
            ],
            "AngioFlag": "N",
            "BitsAllocated": 16,
            "BitsStored": 16,
            "BodyPartExamined": "BRAIN",
            "Columns": 936,
            "EchoNumbers": 1,
            "EchoTime": 66,
            "EchoTrainLength": 91,
            "FlipAngle": 90,
            "HighBit": 15,
            "ImageOrientationPatient": [
                1,
                0,
                0,
                0,
                0.99919439510787,
                0.04013179269633
            ],
            "ImagePositionPatient": [
                -945.00003433228,
                -962.57582149808,
                -94.339500615005
            ],
            "ImageType": [
                "ORIGINAL",
                "PRIMARY",
                "M",
                "ND",
                "MOSAIC"
            ],
            "ImagedNucleus": "1H",
            "ImagingFrequency": 123.157156,
            "InPlanePhaseEncodingDirection": "COL",
            "LargestImagePixelValue": 65535,
            "MRAcquisitionType": "2D",
            "MagneticFieldStrength": 3,
            "Manufacturer": "SIEMENS",
            "ManufacturerModelName": "Prisma_fit",
            "Modality": "MR",
            "NumberOfAverages": 1,
            "NumberOfPhaseEncodingSteps": 91,
            "PercentPhaseFieldOfView": 100,
            "PercentSampling": 100,
            "PerformedProcedureStepStartTime": "073451.278000",
            "PhotometricInterpretation": "MONOCHROME2",
            "PixelBandwidth": 2290,
            "PixelRepresentation": 0,
            "PixelSpacing": [
                2.0192308425903,
                2.0192308425903
            ],
            "ProtocolName": "fmap_acq-SE_dir-PA_ses-01",
            "RepetitionTime": 8000,
            "Rows": 936,
            "SAR": 0.15478787082542,
            "SamplesPerPixel": 1,
            "ScanOptions": [
                "PFP",
                "FS"
            ],
            "ScanningSequence": "EP",
            "SequenceName": "epse2d1_104",
            "SequenceVariant": "SK",
            "SeriesDescription": "fmap_acq-SE_dir-PA_ses-01",
            "SeriesNumber": 7,
            "SeriesTime": "080000.321000",
            "SliceLocation": -55.633606928931,
            "SliceThickness": 2,
            "SmallestImagePixelValue": 0,
            "SoftwareVersions": "syngo MR E11",
            "SpacingBetweenSlices": 2.0000000098859,
            "SpecificCharacterSet": "ISO_IR 100",
            "StudyID": "1",
            "StudyTime": "073451.143000",
            "TransmitCoilName": "Body",
            "VariableFlipAngleFlag": "N",
            "WindowCenterWidthExplanation": "Algo1",
            "dBdt": 0
        },
        "slices": {}
    },
    "time": {
        "samples": {
            "AcquisitionNumber": [
                1,
                2,
                3
            ],
            "AcquisitionTime": [
                "075939.552500",
                "075947.552500",
                "075955.552500"
            ],
            "ContentTime": [
                "080000.325000",
                "080000.329000",
                "080000.331000"
            ],
            "InstanceCreationTime": [
                "080000.325000",
                "080000.329000",
                "080000.331000"
            ],
            "InstanceNumber": [
                1,
                2,
                3
            ],
            "WindowCenter": [
                12168,
                12180,
                12166
            ],
            "WindowWidth": [
                26469,
                26504,
                26468
            ]
        },
        "slices": {}
    },
    "IntendedFor": [
        "ses-01/anat/sub-720511_ses-01_T1w.nii.gz",
        "ses-01/anat/sub-720511_ses-01_T2w.nii.gz"
    ]
}