{
    "AcquisitionMatrixPE": 104,
    "AcquisitionNumber": 1,
    "AcquisitionTime": "12:42:31.045000",
    "BandwidthPerPixelPhaseEncode": 16.578,
    "BaseResolution": 104,
    "BodyPartExamined": "BRAIN",
    "ConsistencyInfo": "N4_VE11C_LATEST_20160120",
    "ConversionSoftware": "dcm2niix",
    "ConversionSoftwareVersion": "v1.0.20190410  (JP2:OpenJPEG) GCC6.3.0",
    "DerivedVendorReportedEchoSpacing": 0.000580009,
    "DeviceSerialNumber": "167046",
    "DwellTime": 2.1e-06,
    "EchoTime": 0.066,
    "EchoTrainLength": 91,
    "EffectiveEchoSpacing": 0.000580009,
    "FlipAngle": 90,
    "ImageOrientationPatientDICOM": [
        1,
        0,
        0,
        0,
        0.996779,
        -0.0801989
    ],
    "ImageType": [
        "ORIGINAL",
        "PRIMARY",
        "M",
        "ND",
        "MOSAIC"
    ],
    "ImagingFrequency": 123.157,
    "InPlanePhaseEncodingDirectionDICOM": "COL",
    "InstitutionAddress": "deleted_by_bidsonym",
    "InstitutionName": "deleted_by_bidsonym",
    "InstitutionalDepartmentName": "deleted_by_bidsonym",
    "MRAcquisitionType": "2D",
    "MagneticFieldStrength": 3,
    "Manufacturer": "Siemens",
    "ManufacturersModelName": "Prisma_fit",
    "Modality": "MR",
    "PartialFourier": 0.875,
    "PatientPosition": "HFS",
    "PercentPhaseFOV": 100,
    "PhaseEncodingDirection": "j-",
    "PhaseEncodingSteps": 91,
    "PhaseResolution": 1,
    "PixelBandwidth": 2290,
    "ProcedureStepDescription": "deleted_by_bidsonym",
    "ProtocolName": "fmap_acq-SE_dir-AP_ses-01",
    "PulseSequenceDetails": "%CustomerSeq%_cmrr_mbep2d_se",
    "ReceiveCoilActiveElements": "HC1-7",
    "ReceiveCoilName": "HeadNeck_64",
    "ReconMatrixPE": 104,
    "RepetitionTime": 8,
    "SAR": 0.153293,
    "ScanOptions": "PFP_FS",
    "ScanningSequence": "EP",
    "SequenceName": "epse2d1_104",
    "SequenceVariant": "SK",
    "SeriesDescription": "fmap_acq-SE_dir-AP_ses-01",
    "SeriesNumber": 6,
    "ShimSetting": [
        1057,
        -2462,
        4695,
        365,
        -94,
        -29,
        -88,
        30
    ],
    "SliceThickness": 2,
    "SliceTiming": [
        3.9875,
        0,
        4.1,
        0.11,
        4.21,
        0.22,
        4.32,
        0.33,
        4.4325,
        0.4425,
        4.5425,
        0.5525,
        4.6525,
        0.6625,
        4.765,
        0.775,
        4.875,
        0.885,
        4.985,
        0.995,
        5.0975,
        1.1075,
        5.2075,
        1.2175,
        5.3175,
        1.3275,
        5.43,
        1.44,
        5.54,
        1.55,
        5.65,
        1.66,
        5.7625,
        1.7725,
        5.8725,
        1.8825,
        5.9825,
        1.9925,
        6.095,
        2.105,
        6.205,
        2.215,
        6.315,
        2.325,
        6.4275,
        2.4375,
        6.5375,
        2.5475,
        6.6475,
        2.6575,
        6.76,
        2.77,
        6.87,
        2.88,
        6.98,
        2.99,
        7.0925,
        3.1025,
        7.2025,
        3.2125,
        7.3125,
        3.3225,
        7.425,
        3.435,
        7.535,
        3.545,
        7.645,
        3.655,
        7.7575,
        3.7675,
        7.8675,
        3.8775
    ],
    "SoftwareVersions": "syngo_MR_E11",
    "SpacingBetweenSlices": 2,
    "StationName": "AWP167046",
    "TotalReadoutTime": 0.0597409,
    "TxRefAmp": 242.268,
    "VendorReportedEchoSpacing": 0.00058,
    "WipMemBlock": "f2abfa73-9a5f-4d95-99b1-a5ee1d4d382f||Sequence: R016 ve11c/master r/e634e98; Dec 19 2017 11:22:56 by eja",
    "dcmmeta_affine": [
        [
            -2.019230842590332,
            0,
            0,
            105.00000762939453
        ],
        [
            0,
            2.0127265453338623,
            -0.16039784252643585,
            -84.24307250976562
        ],
        [
            0,
            0.16194014251232147,
            1.9935578107833862,
            -76.00361633300781
        ],
        [
            0,
            0,
            0,
            1
        ]
    ],
    "dcmmeta_reorient_transform": [
        [
            0,
            -1,
            0,
            103
        ],
        [
            1,
            0,
            0,
            0
        ],
        [
            0,
            0,
            1,
            0
        ],
        [
            0,
            0,
            0,
            1
        ]
    ],
    "dcmmeta_shape": [
        104,
        104,
        72,
        3
    ],
    "dcmmeta_slice_dim": 2,
    "dcmmeta_version": 0.6,
    "global": {
        "const": {
            "AcquisitionMatrix": [
                104,
                0,
                0,
                104
            ],
            "AngioFlag": "N",
            "BitsAllocated": 16,
            "BitsStored": 16,
            "BodyPartExamined": "BRAIN",
            "Columns": 936,
            "EchoNumbers": 1,
            "EchoTime": 66,
            "EchoTrainLength": 91,
            "FlipAngle": 90,
            "HighBit": 15,
            "ImageOrientationPatient": [
                1,
                0,
                0,
                0,
                0.99677887851542,
                -0.0801989235934
            ],
            "ImagePositionPatient": [
                -945.00003433228,
                -960.362063112,
                8.0433184959245
            ],
            "ImageType": [
                "ORIGINAL",
                "PRIMARY",
                "M",
                "ND",
                "MOSAIC"
            ],
            "ImagedNucleus": "1H",
            "ImagingFrequency": 123.157269,
            "InPlanePhaseEncodingDirection": "COL",
            "LargestImagePixelValue": 65535,
            "MRAcquisitionType": "2D",
            "MagneticFieldStrength": 3,
            "Manufacturer": "SIEMENS",
            "ManufacturerModelName": "Prisma_fit",
            "Modality": "MR",
            "NumberOfAverages": 1,
            "NumberOfPhaseEncodingSteps": 91,
            "PercentPhaseFieldOfView": 100,
            "PercentSampling": 100,
            "PerformedProcedureStepStartTime": "122056.824000",
            "PhotometricInterpretation": "MONOCHROME2",
            "PixelBandwidth": 2290,
            "PixelRepresentation": 0,
            "PixelSpacing": [
                2.0192308425903,
                2.0192308425903
            ],
            "ProtocolName": "fmap_acq-SE_dir-AP_ses-01",
            "RepetitionTime": 8000,
            "Rows": 936,
            "SAR": 0.15329273486888,
            "SamplesPerPixel": 1,
            "ScanOptions": [
                "PFP",
                "FS"
            ],
            "ScanningSequence": "EP",
            "SequenceName": "epse2d1_104",
            "SequenceVariant": "SK",
            "SeriesDescription": "fmap_acq-SE_dir-AP_ses-01",
            "SeriesNumber": 6,
            "SeriesTime": "124251.554000",
            "SliceLocation": -69.002593731581,
            "SliceThickness": 2,
            "SmallestImagePixelValue": 0,
            "SoftwareVersions": "syngo MR E11",
            "SpacingBetweenSlices": 2.0000000260506,
            "SpecificCharacterSet": "ISO_IR 100",
            "StudyID": "1",
            "StudyTime": "122056.751000",
            "TransmitCoilName": "Body",
            "VariableFlipAngleFlag": "N",
            "WindowCenterWidthExplanation": "Algo1",
            "dBdt": 0
        },
        "slices": {}
    },
    "time": {
        "samples": {
            "AcquisitionNumber": [
                1,
                2,
                3
            ],
            "AcquisitionTime": [
                "124231.045000",
                "124239.045000",
                "124247.045000"
            ],
            "ContentTime": [
                "124251.558000",
                "124251.561000",
                "124251.570000"
            ],
            "InstanceCreationTime": [
                "124251.558000",
                "124251.561000",
                "124251.570000"
            ],
            "InstanceNumber": [
                1,
                2,
                3
            ],
            "WindowCenter": [
                13240,
                13254,
                13256
            ],
            "WindowWidth": [
                29378,
                29426,
                29433
            ]
        },
        "slices": {}
    },
    "IntendedFor": [
        "ses-01/anat/sub-719311_ses-01_T1w.nii.gz",
        "ses-01/anat/sub-719311_ses-01_T2w.nii.gz"
    ]
}