{
    "AcquisitionMatrixPE": 104,
    "AcquisitionNumber": 1,
    "AcquisitionTime": "07:58:11.985000",
    "BandwidthPerPixelPhaseEncode": 16.578,
    "BaseResolution": 104,
    "BodyPartExamined": "BRAIN",
    "ConsistencyInfo": "N4_VE11C_LATEST_20160120",
    "ConversionSoftware": "dcm2niix",
    "ConversionSoftwareVersion": "v1.0.20190410  (JP2:OpenJPEG) GCC6.3.0",
    "DerivedVendorReportedEchoSpacing": 0.000580009,
    "DeviceSerialNumber": "167046",
    "DwellTime": 2.1e-06,
    "EchoTime": 0.066,
    "EchoTrainLength": 91,
    "EffectiveEchoSpacing": 0.000580009,
    "FlipAngle": 90,
    "ImageOrientationPatientDICOM": [
        0.999091,
        -0.00901786,
        -0.0416696,
        -1.84783e-08,
        0.977374,
        -0.211517
    ],
    "ImageType": [
        "ORIGINAL",
        "PRIMARY",
        "M",
        "ND",
        "MOSAIC"
    ],
    "ImagingFrequency": 123.158,
    "InPlanePhaseEncodingDirectionDICOM": "COL",
    "InstitutionAddress": "deleted_by_bidsonym",
    "InstitutionName": "deleted_by_bidsonym",
    "InstitutionalDepartmentName": "deleted_by_bidsonym",
    "MRAcquisitionType": "2D",
    "MagneticFieldStrength": 3,
    "Manufacturer": "Siemens",
    "ManufacturersModelName": "Prisma_fit",
    "Modality": "MR",
    "PartialFourier": 0.875,
    "PatientPosition": "HFS",
    "PercentPhaseFOV": 100,
    "PhaseEncodingDirection": "j-",
    "PhaseEncodingSteps": 91,
    "PhaseResolution": 1,
    "PixelBandwidth": 2290,
    "ProcedureStepDescription": "deleted_by_bidsonym",
    "ProtocolName": "fmap_acq-SE_dir-AP_ses-01",
    "PulseSequenceDetails": "%CustomerSeq%_cmrr_mbep2d_se",
    "ReceiveCoilActiveElements": "HC1-7",
    "ReceiveCoilName": "HeadNeck_64",
    "ReconMatrixPE": 104,
    "RepetitionTime": 8,
    "SAR": 0.143795,
    "ScanOptions": "PFP_FS",
    "ScanningSequence": "EP",
    "SequenceName": "epse2d1_104",
    "SequenceVariant": "SK",
    "SeriesDescription": "fmap_acq-SE_dir-AP_ses-01",
    "SeriesNumber": 6,
    "ShimSetting": [
        1056,
        -2453,
        4677,
        307,
        -50,
        -260,
        -28,
        85
    ],
    "SliceThickness": 2,
    "SliceTiming": [
        3.99,
        0,
        4.1025,
        0.1125,
        4.2125,
        0.2225,
        4.3225,
        0.3325,
        4.435,
        0.445,
        4.545,
        0.555,
        4.655,
        0.665,
        4.7675,
        0.7775,
        4.8775,
        0.8875,
        4.9875,
        0.9975,
        5.1,
        1.11,
        5.21,
        1.22,
        5.32,
        1.33,
        5.4325,
        1.4425,
        5.5425,
        1.5525,
        5.6525,
        1.6625,
        5.765,
        1.775,
        5.875,
        1.885,
        5.985,
        1.995,
        6.0975,
        2.1075,
        6.2075,
        2.2175,
        6.3175,
        2.3275,
        6.43,
        2.44,
        6.54,
        2.55,
        6.65,
        2.66,
        6.7625,
        2.7725,
        6.8725,
        2.8825,
        6.9825,
        2.9925,
        7.095,
        3.105,
        7.205,
        3.215,
        7.315,
        3.325,
        7.4275,
        3.4375,
        7.5375,
        3.5475,
        7.6475,
        3.6575,
        7.76,
        3.77,
        7.87,
        3.88
    ],
    "SoftwareVersions": "syngo_MR_E11",
    "SpacingBetweenSlices": 2,
    "StationName": "AWP167046",
    "TotalReadoutTime": 0.0597409,
    "TxRefAmp": 235.497,
    "VendorReportedEchoSpacing": 0.00058,
    "WipMemBlock": "8310acb2-919f-4721-b553-785064ed85e0||Sequence: R016 ve11c/master r/e634e98; Dec 19 2017 11:22:56 by eja",
    "dcmmeta_affine": [
        [
            -2.017394781112671,
            -3.731204856194381e-08,
            -0.0852685496211052,
            108.0516128540039
        ],
        [
            0.018209142610430717,
            1.9735443592071533,
            -0.4226495623588562,
            -87.80422973632812
        ],
        [
            -0.08414064347743988,
            0.42710188031196594,
            1.9529712200164795,
            -64.33869171142578
        ],
        [
            0,
            0,
            0,
            1
        ]
    ],
    "dcmmeta_reorient_transform": [
        [
            0,
            -1,
            0,
            103
        ],
        [
            1,
            0,
            0,
            0
        ],
        [
            0,
            0,
            1,
            0
        ],
        [
            0,
            0,
            0,
            1
        ]
    ],
    "dcmmeta_shape": [
        104,
        104,
        72,
        3
    ],
    "dcmmeta_slice_dim": 2,
    "dcmmeta_version": 0.6,
    "global": {
        "const": {
            "AcquisitionMatrix": [
                104,
                0,
                0,
                104
            ],
            "AngioFlag": "N",
            "BitsAllocated": 16,
            "BitsStored": 16,
            "BodyPartExamined": "BRAIN",
            "Columns": 936,
            "EchoNumbers": 1,
            "EchoTime": 66,
            "EchoTrainLength": 91,
            "FlipAngle": 90,
            "HighBit": 15,
            "ImageOrientationPatient": [
                0.99909074590679,
                -0.0090178609146,
                -0.0416696487618,
                -1.8478348e-08,
                0.97737429366579,
                -0.2115171153389
            ],
            "ImagePositionPatient": [
                -947.28785071187,
                -928.89026868231,
                192.32968848129
            ],
            "ImageType": [
                "ORIGINAL",
                "PRIMARY",
                "M",
                "ND",
                "MOSAIC"
            ],
            "ImagedNucleus": "1H",
            "ImagingFrequency": 123.157516,
            "InPlanePhaseEncodingDirection": "COL",
            "LargestImagePixelValue": 65535,
            "MRAcquisitionType": "2D",
            "MagneticFieldStrength": 3,
            "Manufacturer": "SIEMENS",
            "ManufacturerModelName": "Prisma_fit",
            "Modality": "MR",
            "NumberOfAverages": 1,
            "NumberOfPhaseEncodingSteps": 91,
            "PercentPhaseFieldOfView": 100,
            "PercentSampling": 100,
            "PerformedProcedureStepStartTime": "072933.623000",
            "PhotometricInterpretation": "MONOCHROME2",
            "PixelBandwidth": 2290,
            "PixelRepresentation": 0,
            "PixelSpacing": [
                2.0192308425903,
                2.0192308425903
            ],
            "ProtocolName": "fmap_acq-SE_dir-AP_ses-01",
            "RepetitionTime": 8000,
            "Rows": 936,
            "SAR": 0.14379496770134,
            "SamplesPerPixel": 1,
            "ScanOptions": [
                "PFP",
                "FS"
            ],
            "ScanningSequence": "EP",
            "SequenceName": "epse2d1_104",
            "SequenceVariant": "SK",
            "SeriesDescription": "fmap_acq-SE_dir-AP_ses-01",
            "SeriesNumber": 6,
            "SeriesTime": "075832.135000",
            "SliceLocation": -48.877301646393,
            "SliceThickness": 2,
            "SmallestImagePixelValue": 0,
            "SoftwareVersions": "syngo MR E11",
            "SpacingBetweenSlices": 1.9999999538845,
            "SpecificCharacterSet": "ISO_IR 100",
            "StudyID": "1",
            "StudyTime": "072933.530000",
            "TransmitCoilName": "Body",
            "VariableFlipAngleFlag": "N",
            "WindowCenterWidthExplanation": "Algo1",
            "dBdt": 0
        },
        "slices": {}
    },
    "time": {
        "samples": {
            "AcquisitionNumber": [
                1,
                2,
                3
            ],
            "AcquisitionTime": [
                "075811.985000",
                "075819.985000",
                "075827.985000"
            ],
            "ContentTime": [
                "075832.139000",
                "075832.142000",
                "075832.145000"
            ],
            "InstanceCreationTime": [
                "075832.139000",
                "075832.142000",
                "075832.145000"
            ],
            "InstanceNumber": [
                1,
                2,
                3
            ],
            "WindowCenter": [
                14005,
                13952,
                13954
            ],
            "WindowWidth": [
                31173,
                31001,
                31029
            ]
        },
        "slices": {}
    },
    "IntendedFor": [
        "ses-01/anat/sub-719524_ses-01_T1w.nii.gz",
        "ses-01/anat/sub-719524_ses-01_T2w.nii.gz"
    ]
}