{
    "AcquisitionMatrixPE": 104,
    "AcquisitionNumber": 1,
    "AcquisitionTime": "09:22:32.245000",
    "BandwidthPerPixelPhaseEncode": 16.578,
    "BaseResolution": 104,
    "BodyPartExamined": "BRAIN",
    "ConsistencyInfo": "N4_VE11C_LATEST_20160120",
    "ConversionSoftware": "dcm2niix",
    "ConversionSoftwareVersion": "v1.0.20190410  (JP2:OpenJPEG) GCC6.3.0",
    "DerivedVendorReportedEchoSpacing": 0.000580009,
    "DeviceSerialNumber": "167046",
    "DwellTime": 2.1e-06,
    "EchoTime": 0.066,
    "EchoTrainLength": 91,
    "EffectiveEchoSpacing": 0.000580009,
    "FlipAngle": 90,
    "ImageOrientationPatientDICOM": [
        1,
        0,
        0,
        0,
        0.996637,
        -0.0819385
    ],
    "ImageType": [
        "ORIGINAL",
        "PRIMARY",
        "M",
        "ND",
        "MOSAIC"
    ],
    "ImagingFrequency": 123.157,
    "InPlanePhaseEncodingDirectionDICOM": "COL",
    "InstitutionAddress": "deleted_by_bidsonym",
    "InstitutionName": "deleted_by_bidsonym",
    "InstitutionalDepartmentName": "deleted_by_bidsonym",
    "MRAcquisitionType": "2D",
    "MagneticFieldStrength": 3,
    "Manufacturer": "Siemens",
    "ManufacturersModelName": "Prisma_fit",
    "Modality": "MR",
    "PartialFourier": 0.875,
    "PatientPosition": "HFS",
    "PercentPhaseFOV": 100,
    "PhaseEncodingDirection": "j-",
    "PhaseEncodingSteps": 91,
    "PhaseResolution": 1,
    "PixelBandwidth": 2290,
    "ProcedureStepDescription": "deleted_by_bidsonym",
    "ProtocolName": "fmap_acq-SE_dir-AP_ses-01",
    "PulseSequenceDetails": "%CustomerSeq%_cmrr_mbep2d_se",
    "ReceiveCoilActiveElements": "HC1-7",
    "ReceiveCoilName": "HeadNeck_64",
    "ReconMatrixPE": 104,
    "RepetitionTime": 8,
    "SAR": 0.160943,
    "ScanOptions": "PFP_FS",
    "ScanningSequence": "EP",
    "SequenceName": "epse2d1_104",
    "SequenceVariant": "SK",
    "SeriesDescription": "fmap_acq-SE_dir-AP_ses-01",
    "SeriesNumber": 20,
    "ShimSetting": [
        1071,
        -2453,
        4571,
        -54,
        17,
        -166,
        75,
        -71
    ],
    "SliceThickness": 2,
    "SliceTiming": [
        3.99,
        0,
        4.1025,
        0.1125,
        4.2125,
        0.2225,
        4.3225,
        0.3325,
        4.435,
        0.445,
        4.545,
        0.555,
        4.655,
        0.665,
        4.7675,
        0.7775,
        4.8775,
        0.8875,
        4.9875,
        0.9975,
        5.1,
        1.11,
        5.21,
        1.22,
        5.32,
        1.33,
        5.4325,
        1.4425,
        5.5425,
        1.5525,
        5.6525,
        1.6625,
        5.765,
        1.775,
        5.875,
        1.885,
        5.985,
        1.995,
        6.0975,
        2.1075,
        6.2075,
        2.2175,
        6.3175,
        2.3275,
        6.43,
        2.44,
        6.54,
        2.55,
        6.65,
        2.66,
        6.76,
        2.7725,
        6.8725,
        2.8825,
        6.9825,
        2.9925,
        7.0925,
        3.105,
        7.205,
        3.215,
        7.315,
        3.325,
        7.425,
        3.4375,
        7.5375,
        3.5475,
        7.6475,
        3.6575,
        7.7575,
        3.77,
        7.87,
        3.88
    ],
    "SoftwareVersions": "syngo_MR_E11",
    "SpacingBetweenSlices": 2,
    "StationName": "AWP167046",
    "TotalReadoutTime": 0.0597409,
    "TxRefAmp": 241.754,
    "VendorReportedEchoSpacing": 0.00058,
    "WipMemBlock": "2f054226-d9e1-4c78-a5c1-98e7a7a81ede||Sequence: R016 ve11c/master r/e634e98; Dec 19 2017 11:22:56 by eja",
    "IntendedFor": [
        "ses-01/anat/sub-718211_ses-01_T1w.nii.gz",
        "ses-01/anat/sub-718211_ses-01_T2w.nii.gz"
    ]
}