{
    "AcquisitionMatrixPE": 104,
    "AcquisitionNumber": 1,
    "AcquisitionTime": "11:37:13.567500",
    "BandwidthPerPixelPhaseEncode": 16.578,
    "BaseResolution": 104,
    "BodyPartExamined": "BRAIN",
    "CoilString": "HC1-7;NC1_2",
    "ConsistencyInfo": "N4_VE11C_LATEST_20160120",
    "ConversionSoftware": "dcm2niix",
    "ConversionSoftwareVersion": "v1.0.20190410  (JP2:OpenJPEG) GCC6.3.0",
    "DerivedVendorReportedEchoSpacing": 0.000580009,
    "DeviceSerialNumber": "167046",
    "DwellTime": 2.1e-06,
    "EchoTime": 0.066,
    "EchoTrainLength": 91,
    "EffectiveEchoSpacing": 0.000580009,
    "FlipAngle": 90,
    "ImageOrientationPatientDICOM": [
        1,
        0,
        0,
        0,
        0.985703,
        -0.168489
    ],
    "ImageType": [
        "ORIGINAL",
        "PRIMARY",
        "M",
        "ND",
        "MOSAIC"
    ],
    "ImagingFrequency": 123.157,
    "InPlanePhaseEncodingDirectionDICOM": "COL",
    "InstitutionAddress": "deleted_by_bidsonym",
    "InstitutionName": "deleted_by_bidsonym",
    "InstitutionalDepartmentName": "deleted_by_bidsonym",
    "MRAcquisitionType": "2D",
    "MagneticFieldStrength": 3,
    "Manufacturer": "Siemens",
    "ManufacturersModelName": "Prisma_fit",
    "Modality": "MR",
    "PartialFourier": 0.875,
    "PatientPosition": "HFS",
    "PercentPhaseFOV": 100,
    "PhaseEncodingDirection": "j",
    "PhaseEncodingSteps": 91,
    "PhaseResolution": 1,
    "PixelBandwidth": 2290,
    "ProcedureStepDescription": "deleted_by_bidsonym",
    "ProtocolName": "fmap_acq-SE_dir-PA_ses-01",
    "PulseSequenceDetails": "%CustomerSeq%_cmrr_mbep2d_se",
    "ReceiveCoilActiveElements": "HC1-7;NC1,2",
    "ReceiveCoilName": "HeadNeck_64",
    "ReconMatrixPE": 104,
    "RepetitionTime": 8,
    "SAR": 0.139192,
    "ScanOptions": "PFP_FS",
    "ScanningSequence": "EP",
    "SequenceName": "epse2d1_104",
    "SequenceVariant": "SK",
    "SeriesDescription": "fmap_acq-SE_dir-PA_ses-01",
    "SeriesNumber": 7,
    "ShimSetting": [
        1085,
        -2524,
        4654,
        292,
        -45,
        -159,
        -101,
        -96
    ],
    "SliceThickness": 2,
    "SliceTiming": [
        3.99,
        0,
        4.1,
        0.1125,
        4.2125,
        0.2225,
        4.3225,
        0.3325,
        4.4325,
        0.445,
        4.545,
        0.555,
        4.655,
        0.665,
        4.765,
        0.7775,
        4.8775,
        0.8875,
        4.9875,
        0.9975,
        5.0975,
        1.11,
        5.21,
        1.22,
        5.32,
        1.33,
        5.43,
        1.4425,
        5.5425,
        1.5525,
        5.6525,
        1.6625,
        5.7625,
        1.775,
        5.875,
        1.885,
        5.985,
        1.995,
        6.095,
        2.1075,
        6.2075,
        2.2175,
        6.3175,
        2.3275,
        6.4275,
        2.44,
        6.54,
        2.55,
        6.65,
        2.66,
        6.76,
        2.7725,
        6.8725,
        2.8825,
        6.9825,
        2.9925,
        7.0925,
        3.105,
        7.205,
        3.215,
        7.315,
        3.325,
        7.425,
        3.4375,
        7.5375,
        3.5475,
        7.6475,
        3.6575,
        7.7575,
        3.7675,
        7.87,
        3.88
    ],
    "SoftwareVersions": "syngo_MR_E11",
    "SpacingBetweenSlices": 2,
    "StationName": "AWP167046",
    "TotalReadoutTime": 0.0597409,
    "TxRefAmp": 249.945,
    "VendorReportedEchoSpacing": 0.00058,
    "WipMemBlock": "65061c30-7c82-4986-8944-7a964e2b3604||Sequence: R016 ve11c/master r/e634e98; Dec 19 2017 11:22:56 by eja",
    "dcmmeta_affine": [
        [
            -2.019230842590332,
            0,
            0,
            108.02664184570312
        ],
        [
            0,
            1.9903628826141357,
            -0.3369787633419037,
            -72.59661102294922
        ],
        [
            0,
            0.3402189612388611,
            1.9714069366455078,
            -92.7840576171875
        ],
        [
            0,
            0,
            0,
            1
        ]
    ],
    "dcmmeta_reorient_transform": [
        [
            0,
            -1,
            0,
            103
        ],
        [
            1,
            0,
            0,
            0
        ],
        [
            0,
            0,
            1,
            0
        ],
        [
            0,
            0,
            0,
            1
        ]
    ],
    "dcmmeta_shape": [
        104,
        104,
        72,
        3
    ],
    "dcmmeta_slice_dim": 2,
    "dcmmeta_version": 0.6,
    "global": {
        "const": {
            "AcquisitionMatrix": [
                104,
                0,
                0,
                104
            ],
            "AngioFlag": "N",
            "BitsAllocated": 16,
            "BitsStored": 16,
            "BodyPartExamined": "BRAIN",
            "Columns": 936,
            "EchoNumbers": 1,
            "EchoTime": 66,
            "EchoTrainLength": 91,
            "FlipAngle": 90,
            "HighBit": 15,
            "ImageOrientationPatient": [
                1,
                0,
                0,
                0,
                0.98570346846845,
                -0.1684893831945
            ],
            "ImagePositionPatient": [
                -948.026668787,
                -960.40170920343,
                83.789581057742
            ],
            "ImageType": [
                "ORIGINAL",
                "PRIMARY",
                "M",
                "ND",
                "MOSAIC"
            ],
            "ImagedNucleus": "1H",
            "ImagingFrequency": 123.157225,
            "InPlanePhaseEncodingDirection": "COL",
            "LargestImagePixelValue": 65535,
            "MRAcquisitionType": "2D",
            "MagneticFieldStrength": 3,
            "Manufacturer": "SIEMENS",
            "ManufacturerModelName": "Prisma_fit",
            "Modality": "MR",
            "NumberOfAverages": 1,
            "NumberOfPhaseEncodingSteps": 91,
            "PercentPhaseFieldOfView": 100,
            "PercentSampling": 100,
            "PerformedProcedureStepStartTime": "110549.211000",
            "PhotometricInterpretation": "MONOCHROME2",
            "PixelBandwidth": 2290,
            "PixelRepresentation": 0,
            "PixelSpacing": [
                2.0192308425903,
                2.0192308425903
            ],
            "ProtocolName": "fmap_acq-SE_dir-PA_ses-01",
            "RepetitionTime": 8000,
            "Rows": 936,
            "SAR": 0.13919180842219,
            "SamplesPerPixel": 1,
            "ScanOptions": [
                "PFP",
                "FS"
            ],
            "ScanningSequence": "EP",
            "SequenceName": "epse2d1_104",
            "SequenceVariant": "SK",
            "SeriesDescription": "fmap_acq-SE_dir-PA_ses-01",
            "SeriesNumber": 7,
            "SeriesTime": "113733.997000",
            "SliceLocation": -79.225810932514,
            "SliceThickness": 2,
            "SmallestImagePixelValue": 0,
            "SoftwareVersions": "syngo MR E11",
            "SpacingBetweenSlices": 2.0000000224968,
            "SpecificCharacterSet": "ISO_IR 100",
            "StudyID": "1",
            "StudyTime": "110549.145000",
            "TransmitCoilName": "Body",
            "VariableFlipAngleFlag": "N",
            "WindowCenterWidthExplanation": "Algo1",
            "dBdt": 0
        },
        "slices": {}
    },
    "time": {
        "samples": {
            "AcquisitionNumber": [
                1,
                2,
                3
            ],
            "AcquisitionTime": [
                "113713.567500",
                "113721.567500",
                "113729.567500"
            ],
            "ContentTime": [
                "113734.001000",
                "113734.005000",
                "113734.008000"
            ],
            "InstanceCreationTime": [
                "113734.001000",
                "113734.005000",
                "113734.008000"
            ],
            "InstanceNumber": [
                1,
                2,
                3
            ],
            "WindowCenter": [
                12961,
                12970,
                12982
            ],
            "WindowWidth": [
                28552,
                28588,
                28606
            ]
        },
        "slices": {}
    },
    "IntendedFor": [
	"ses-01/anat/sub-719362_ses-01_T1w.nii.gz",
	"ses-01/anat/sub-719362_ses-01_T2w.nii.gz"
    ]
}
