{
    "AcquisitionMatrixPE": 104,
    "AcquisitionNumber": 1,
    "AcquisitionTime": "13:48:48.550000",
    "BandwidthPerPixelPhaseEncode": 16.578,
    "BaseResolution": 104,
    "BodyPartExamined": "BRAIN",
    "ConsistencyInfo": "N4_VE11C_LATEST_20160120",
    "ConversionSoftware": "dcm2niix",
    "ConversionSoftwareVersion": "v1.0.20190410  (JP2:OpenJPEG) GCC6.3.0",
    "DerivedVendorReportedEchoSpacing": 0.000580009,
    "DeviceSerialNumber": "167046",
    "DwellTime": 2.1e-06,
    "EchoTime": 0.066,
    "EchoTrainLength": 91,
    "EffectiveEchoSpacing": 0.000580009,
    "FlipAngle": 90,
    "ImageOrientationPatientDICOM": [
        1,
        0,
        0,
        0,
        0.973179,
        -0.23005
    ],
    "ImageType": [
        "ORIGINAL",
        "PRIMARY",
        "M",
        "ND",
        "MOSAIC"
    ],
    "ImagingFrequency": 123.157,
    "InPlanePhaseEncodingDirectionDICOM": "COL",
    "InstitutionAddress": "deleted_by_bidsonym",
    "InstitutionName": "deleted_by_bidsonym",
    "InstitutionalDepartmentName": "deleted_by_bidsonym",
    "MRAcquisitionType": "2D",
    "MagneticFieldStrength": 3,
    "Manufacturer": "Siemens",
    "ManufacturersModelName": "Prisma_fit",
    "Modality": "MR",
    "PartialFourier": 0.875,
    "PatientPosition": "HFS",
    "PercentPhaseFOV": 100,
    "PhaseEncodingDirection": "j",
    "PhaseEncodingSteps": 91,
    "PhaseResolution": 1,
    "PixelBandwidth": 2290,
    "ProcedureStepDescription": "deleted_by_bidsonym",
    "ProtocolName": "fmap_acq-SE_dir-PA_ses-01",
    "PulseSequenceDetails": "%CustomerSeq%_cmrr_mbep2d_se",
    "ReceiveCoilActiveElements": "HC1-7",
    "ReceiveCoilName": "HeadNeck_64",
    "ReconMatrixPE": 104,
    "RepetitionTime": 8,
    "SAR": 0.149464,
    "ScanOptions": "PFP_FS",
    "ScanningSequence": "EP",
    "SequenceName": "epse2d1_104",
    "SequenceVariant": "SK",
    "SeriesDescription": "fmap_acq-SE_dir-PA_ses-01",
    "SeriesNumber": 7,
    "ShimSetting": [
        1043,
        -2612,
        4762,
        308,
        -12,
        -500,
        139,
        64
    ],
    "SliceThickness": 2,
    "SliceTiming": [
        3.99,
        0,
        4.1,
        0.11,
        4.21,
        0.22,
        4.3225,
        0.3325,
        4.4325,
        0.4425,
        4.5425,
        0.5525,
        4.655,
        0.665,
        4.765,
        0.775,
        4.875,
        0.885,
        4.9875,
        0.9975,
        5.0975,
        1.1075,
        5.2075,
        1.2175,
        5.32,
        1.33,
        5.43,
        1.44,
        5.54,
        1.55,
        5.6525,
        1.6625,
        5.7625,
        1.7725,
        5.8725,
        1.8825,
        5.985,
        1.995,
        6.095,
        2.105,
        6.205,
        2.215,
        6.3175,
        2.3275,
        6.4275,
        2.4375,
        6.5375,
        2.5475,
        6.65,
        2.66,
        6.76,
        2.77,
        6.87,
        2.88,
        6.9825,
        2.9925,
        7.0925,
        3.1025,
        7.2025,
        3.2125,
        7.315,
        3.325,
        7.425,
        3.435,
        7.535,
        3.545,
        7.6475,
        3.6575,
        7.7575,
        3.7675,
        7.8675,
        3.8775
    ],
    "SoftwareVersions": "syngo_MR_E11",
    "SpacingBetweenSlices": 2,
    "StationName": "AWP167046",
    "TotalReadoutTime": 0.0597409,
    "TxRefAmp": 237.024,
    "VendorReportedEchoSpacing": 0.00058,
    "WipMemBlock": "f32e1ba1-91c9-460e-93aa-1f98594690a0||Sequence: R016 ve11c/master r/e634e98; Dec 19 2017 11:22:56 by eja",
    "dcmmeta_affine": [
        [
            -2.019230842590332,
            0,
            0,
            105.00000762939453
        ],
        [
            0,
            1.965072751045227,
            -0.4600994884967804,
            -70.5679931640625
        ],
        [
            0,
            0.4645235240459442,
            1.9463577270507812,
            -68.57332611083984
        ],
        [
            0,
            0,
            0,
            1
        ]
    ],
    "dcmmeta_reorient_transform": [
        [
            0,
            -1,
            0,
            103
        ],
        [
            1,
            0,
            0,
            0
        ],
        [
            0,
            0,
            1,
            0
        ],
        [
            0,
            0,
            0,
            1
        ]
    ],
    "dcmmeta_shape": [
        104,
        104,
        72,
        3
    ],
    "dcmmeta_slice_dim": 2,
    "dcmmeta_version": 0.6,
    "global": {
        "const": {
            "AcquisitionMatrix": [
                104,
                0,
                0,
                104
            ],
            "AngioFlag": "N",
            "BitsAllocated": 16,
            "BitsStored": 16,
            "BodyPartExamined": "BRAIN",
            "Columns": 936,
            "EchoNumbers": 1,
            "EchoTime": 66,
            "EchoTrainLength": 91,
            "FlipAngle": 90,
            "HighBit": 15,
            "ImageOrientationPatient": [
                1,
                0,
                0,
                0,
                0.973178872716,
                -0.2300497374466
            ],
            "ImagePositionPatient": [
                -945.00003433228,
                -949.30479063173,
                172.51438420529
            ],
            "ImageType": [
                "ORIGINAL",
                "PRIMARY",
                "M",
                "ND",
                "MOSAIC"
            ],
            "ImagedNucleus": "1H",
            "ImagingFrequency": 123.157197,
            "InPlanePhaseEncodingDirection": "COL",
            "LargestImagePixelValue": 65535,
            "MRAcquisitionType": "2D",
            "MagneticFieldStrength": 3,
            "Manufacturer": "SIEMENS",
            "ManufacturerModelName": "Prisma_fit",
            "Modality": "MR",
            "NumberOfAverages": 1,
            "NumberOfPhaseEncodingSteps": 91,
            "PercentPhaseFieldOfView": 100,
            "PercentSampling": 100,
            "PerformedProcedureStepStartTime": "131718.059000",
            "PhotometricInterpretation": "MONOCHROME2",
            "PixelBandwidth": 2290,
            "PixelRepresentation": 0,
            "PixelSpacing": [
                2.0192308425903,
                2.0192308425903
            ],
            "ProtocolName": "fmap_acq-SE_dir-PA_ses-01",
            "RepetitionTime": 8000,
            "Rows": 936,
            "SAR": 0.14946432117319,
            "SamplesPerPixel": 1,
            "ScanOptions": [
                "PFP",
                "FS"
            ],
            "ScanningSequence": "EP",
            "SequenceName": "epse2d1_104",
            "SequenceVariant": "SK",
            "SeriesDescription": "fmap_acq-SE_dir-PA_ses-01",
            "SeriesNumber": 7,
            "SeriesTime": "134909.449000",
            "SliceLocation": -50.499963893385,
            "SliceThickness": 2,
            "SmallestImagePixelValue": 0,
            "SoftwareVersions": "syngo MR E11",
            "SpacingBetweenSlices": 2.0000000337624,
            "SpecificCharacterSet": "ISO_IR 100",
            "StudyID": "1",
            "StudyTime": "131717.961000",
            "TransmitCoilName": "Body",
            "VariableFlipAngleFlag": "N",
            "WindowCenterWidthExplanation": "Algo1",
            "dBdt": 0
        },
        "slices": {}
    },
    "time": {
        "samples": {
            "AcquisitionNumber": [
                1,
                2,
                3
            ],
            "AcquisitionTime": [
                "134848.550000",
                "134856.550000",
                "134904.550000"
            ],
            "ContentTime": [
                "134909.453000",
                "134909.456000",
                "134909.459000"
            ],
            "InstanceCreationTime": [
                "134909.453000",
                "134909.456000",
                "134909.459000"
            ],
            "InstanceNumber": [
                1,
                2,
                3
            ],
            "WindowCenter": [
                11363,
                11360,
                11358
            ],
            "WindowWidth": [
                25151,
                25136,
                25121
            ]
        },
        "slices": {}
    },
    "IntendedFor": [
        "ses-01/anat/sub-719348_ses-01_T1w.nii.gz",
        "ses-01/anat/sub-719348_ses-01_T2w.nii.gz"
    ]
}